##TITLE= Parameter file, TopSpin 3.6.2
##JCAMPDX= 5.0
##DATATYPE= Parameter Values
##NPOINTS= 244208	$$ modification sequence number
##ORIGIN= Bruker BioSpin GmbH
##OWNER= nmrsu
$$ 2023-10-11 11:40:09.176 +0200  etba@CZC007DNDL
$$ /opt/topspin3.6.2/conf/instr/spect/specpar
$$ process /opt/topspin3.6.2/prog/mod/hconfserver
##$ANCIEN= (0..7)
0 0 0 0 0 0 0 0
##$BF1= 100.13
##$BF2= 100.13
##$BF3= 100.13
##$DEC= 1
##$DECB= 1
##$DEF19F= yes
##$DEFRSEL= yes
##$HPMOD= (0..7)
0 0 0 0 0 0 0 0
##$HPPRECH= (0..15)
-1 -1 -1 -1 -1 0 -1 -1 -1 -1 -1 -1 -1 -1 -1 -1
##$HPSELECT= no
##$LOCSW19F= -1
##$LOCSW2H= -1
##$NUC1= 1
##$NUC2= 0
##$NUC3= 10
##$NUC4= 0
##$NUC5= 0
##$NUC6= 0
##$NUC7= 0
##$NUC8= 0
##$NUCARR= (0..123)
700.26 700.26 107.494173603 746.925144332 533.450897338 103.050863824 272.147624872
98.399225714 75.233539511 224.671236332 176.080517052 50.603007424 70.956729571
94.930445788 658.902721429 55.28059717 185.23207494 42.867361251 182.465760833
139.121963686 283.470443929 53.7519576 68.610837563 57.111279885 32.67674357
40.629211247 17.935794393 47.127701075 170.105387542 39.477395588 39.487920496
69.818085803 184.189023665 39.58216849 173.588977967 22.672864223 166.151208392
62.575590733 185.67725123 198.899700602 43.813888688 168.07188152 213.55621943
24.427274619 119.902816796 133.550176934 36.537620077 175.443000348 189.115842947
26.94320376 67.609703852 229.12825118 30.348021937 34.314126515 65.098256375
171.396828042 45.635426008 46.593164607 157.616803648 32.248030393 36.143002559
22.313413762 32.04459786 28.345257329 32.586830186 148.563520248 155.409927255
153.117135963 153.445375835 229.116311747 249.518456873 261.131379643 167.5762585
90.748212964 183.256235329 220.930412399 140.104421464 194.743608484 57.728881195
91.847095969 69.567028588 77.819389613 92.39440518 98.916213667 214.419612
38.16417 23.528736 29.200842 24.088944 174.084636 76.888548 21.497982 28.220478
168.342504 24.088944 33.752532 149.435484 20.167488 58.051554 122.540640196
33.7595346 79.8576504 56.9381406 28.0594182 17.6255442 83.95837296 29.175541606
157.73076396 159.32035416 15.982251061 54.37799004 12.0304668 13.1018646
150.533379638 12.1074954 125.422322137 46.298271116 400.01092032 403.936843979
146.498586557 112.526796149 12.89458764 25.419438 100
##$NUCOFFS= (0..127)
<2H> <1H> <31P> <13C> <79Br> <29Si> <15N> <14N> <17O> <11B> <25Mg> <23Na>
<19F> <7Li> <6Li> <27Al> <> <> <> <> <> <> <> <> <> <> <> <> <> <> <> <>
<> <> <> <> <> <> <> <> <> <> <> <> <> <> <> <> <> <> <> <> <> <> <> <>
<> <> <> <> <> <> <> <> <> <> <> <> <> <> <> <> <> <> <> <> <> <> <> <>
<> <> <> <> <> <> <> <> <> <> <> <> <> <> <> <> <> <> <> <> <> <> <> <>
<> <> <> <> <> <> <> <> <> <> <> <> <> <> <> <> <> <> <> <> <> <> <> <>
##$OBS= 1
##$OFFS= (0..127)
0 0 0 0 0 0 0 0 0 0 0 0 0 0 0 0 0 0 0 0 0 0 0 0 0 0 0 0 0 0 0 0 0 0 0 0
0 0 0 0 0 0 0 0 0 0 0 0 0 0 0 0 0 0 0 0 0 0 0 0 0 0 0 0 0 0 0 0 0 0 0 0
0 0 0 0 0 0 0 0 0 0 0 0 0 0 0 0 0 0 0 0 0 0 0 0 0 0 0 0 0 0 0 0 0 0 0 0
0 0 0 0 0 0 0 0 0 0 0 0 0 0 0 0 0 0 0 0
##$OFFSF= (0..7)
0 0 0 0 0 0 0 0
##$OFFSH= (0..7)
58210.4000000072 0 0 0 0 0 0 0
##$OFFSX= (0..7)
20000 0 0 0 0 0 0 0
##$OFFSXAS= (0..7)
0 0 0 0 0 0 0 0
##$OFSF1= 0
##$OFSF2= 0
##$OFSH1= 0
##$OFSH2= 0
##$OFSH3= 0
##$OFSX1= 0
##$OFSX2= 0
##$OFSY= 0
##$PACOIL= (0..15)
0 0 0 0 0 0 0 0 0 0 0 0 0 0 0 0
##$PRECHAN= (0..15)
-1 1 4 3 2 -1 -1 -1 -1 -1 -1 -1 -1 -1 -1 -1
##$RECPRE= (0..15)
-1 0 -1 -1 -1 -1 -1 -1 -1 -1 -1 -1 -1 -1 -1 -1
##$RECPRFX= (0..15)
1 0 0 0 0 0 0 0 0 0 0 0 0 0 0 0
##$RECSEL= (0..15)
0 0 0 1 0 0 0 0 0 0 0 0 0 0 0 0
##$SELREC= (0..9)
0 0 0 0 0 0 0 0 0 0
##$SFO1= 700.257159
##$SFO2= 700.26
##$SFO3= 176.09654
##$SFO4= 700.263851
##$SFO5= 700.263851
##$SFO6= 700.263851
##$SFO7= 700.263851
##$SFO8= 700.263851
##$TY= (0..123)
0 0 0 0 0 0 0 0 0 0 0 0 0 0 0 0 0 0 0 0 0 0 0 0 0 0 0 0 0 0 0 0 0 0 0 0
0 0 0 0 0 0 0 0 0 0 0 0 0 0 0 0 0 0 0 0 0 0 0 0 0 0 0 0 0 0 0 0 0 0 0 0
0 0 0 0 0 0 0 0 0 0 0 0 0 0 0 0 0 0 0 0 0 0 0 0 0 0 0 0 0 0 0 0 0 0 0 0
0 0 0 0 0 0 0 0 0 0 0 0 0 0 0 0
##END=
